GEM
  remote: https://rubygems.org/
  specs:
    mini_portile2 (2.1.0)
    nokogiri (1.6.8.1)
      mini_portile2 (~> 2.1.0)
    nokogiri-happymapper (0.5.9)
      nokogiri (~> 1.5)

PLATFORMS
  ruby

DEPENDENCIES
  nokogiri-happymapper

BUNDLED WITH
   1.14.6
