GEM
  remote: https://rubygems.org/
  specs:
    ox (2.4.13)

PLATFORMS
  ruby

DEPENDENCIES
  ox

BUNDLED WITH
   1.14.6
