GIT
  remote: git://github.com/quamen/tcx.git
  revision: 9d93b2aa11ee522039d96794339b8a1f702a7846
  specs:
    tcx (0.0.1)
      ox

GEM
  remote: https://rubygems.org/
  specs:
    ox (2.4.13)

PLATFORMS
  ruby

DEPENDENCIES
  tcx!

BUNDLED WITH
   1.14.6
